NUGET
  remote: https://nuget.org/api/v2
  specs:
    FAKE (3.26.7)
    FSharp.Compiler.Service (0.0.87)
    FSharp.Formatting (2.7.5)
      FSharp.Compiler.Service (>= 0.0.82)
      FSharpVSPowerTools.Core (>= 1.7.0)
    FSharp.Formatting.CommandTool (2.7.5)
    FSharpVSPowerTools.Core (1.8.0)
      FSharp.Compiler.Service (>= 0.0.87)
    Microsoft.AspNet.Razor (3.2.3) - framework: >= net45
    NUnit (2.6.4)
    NUnit.Runners (2.6.4)
    RazorEngine (3.6.4)
      Microsoft.AspNet.Razor (>= 3.0.0) - framework: >= net45
      Microsoft.AspNet.Razor (2.0.30506.0) - framework: >= net40 < net45
